GIT
  remote: git://github.com/flori/json.git
  revision: 7f4cfd853f2c919d854fb95548a19980feff17e8
  branch: v1.8
  specs:
    json (1.8.6)

PATH
  remote: .
  specs:
    socket.io-client-simple (1.2.1)
      event_emitter
      httparty
      json
      websocket-client-simple (~> 0.3.0)

GEM
  remote: https://rubygems.org/
  specs:
    event_emitter (0.2.6)
    httparty (0.13.7)
      json (~> 1.8)
      multi_xml (>= 0.5.2)
    minitest (5.8.4)
    multi_xml (0.5.5)
    rake (10.5.0)
    websocket (1.2.9)
    websocket-client-simple (0.3.1)
      event_emitter
      websocket

PLATFORMS
  ruby

DEPENDENCIES
  bundler (~> 1.3)
  json!
  minitest
  rake
  socket.io-client-simple!

BUNDLED WITH
   1.11.2
